GEM
  remote: https://rubygems.org/
  specs:
    activesupport (5.2.3)
      concurrent-ruby (~> 1.0, >= 1.0.2)
      i18n (>= 0.7, < 2)
      minitest (~> 5.1)
      tzinfo (~> 1.1)
    addressable (2.8.0)
      public_suffix (>= 2.0.2, < 5.0)
    cacert (0.5.0)
    colorator (1.1.0)
    concurrent-ruby (1.1.5)
    dato (0.7.2)
      activesupport (>= 4.2.7)
      addressable
      cacert
      dotenv
      faraday (>= 0.9.0)
      faraday_middleware (>= 0.9.0)
      fastimage
      imgix (>= 0.3.1)
      json_schema
      listen
      pusher-client
      thor
      toml
    dotenv (2.7.2)
    faraday (0.15.4)
      multipart-post (>= 1.2, < 3)
    faraday_middleware (0.13.1)
      faraday (>= 0.7.4, < 1.0)
    fastimage (2.1.5)
    ffi (1.10.0)
    forwardable-extended (2.6.0)
    i18n (1.6.0)
      concurrent-ruby (~> 1.0)
    imgix (2.0.0)
      addressable
    jekyll (3.6.3)
      addressable (~> 2.4)
      colorator (~> 1.0)
      jekyll-sass-converter (~> 1.0)
      jekyll-watch (~> 1.1)
      kramdown (~> 1.14)
      liquid (~> 4.0)
      mercenary (~> 0.3.3)
      pathutil (~> 0.9)
      rouge (>= 1.7, < 3)
      safe_yaml (~> 1.0)
    jekyll-sass-converter (1.5.2)
      sass (~> 3.4)
    jekyll-sitemap (1.2.0)
      jekyll (~> 3.3)
    jekyll-watch (1.5.1)
      listen (~> 3.0)
    json (2.2.0)
    json_schema (0.20.4)
    kramdown (1.17.0)
    liquid (4.0.3)
    listen (3.1.5)
      rb-fsevent (~> 0.9, >= 0.9.4)
      rb-inotify (~> 0.9, >= 0.9.7)
      ruby_dep (~> 1.2)
    mercenary (0.3.6)
    minitest (5.11.3)
    multipart-post (2.0.0)
    parslet (1.8.2)
    pathutil (0.16.2)
      forwardable-extended (~> 2.6)
    public_suffix (4.0.6)
    pusher-client (0.6.2)
      json
      websocket (~> 1.0)
    rb-fsevent (0.10.3)
    rb-inotify (0.10.0)
      ffi (~> 1.0)
    rouge (2.2.1)
    ruby_dep (1.5.0)
    safe_yaml (1.0.5)
    sass (3.7.4)
      sass-listen (~> 4.0.0)
    sass-listen (4.0.0)
      rb-fsevent (~> 0.9, >= 0.9.4)
      rb-inotify (~> 0.9, >= 0.9.7)
    thor (0.20.3)
    thread_safe (0.3.6)
    toml (0.2.0)
      parslet (~> 1.8.0)
    tzinfo (1.2.5)
      thread_safe (~> 0.1)
    websocket (1.2.8)

PLATFORMS
  ruby

DEPENDENCIES
  dato (>= 0.3.11)
  jekyll
  jekyll-sitemap
  jekyll-watch (~> 1.2, >= 1.2.1)
  kramdown (~> 1.9)

RUBY VERSION
   ruby 2.4.3p205

BUNDLED WITH
   1.16.6
